PATH
  remote: .
  specs:
    stringex_friendly_id (0.0.1)
      friendly_id
      stringex

GEM
  remote: https://rubygems.org/
  specs:
    activemodel (3.2.11)
      activesupport (= 3.2.11)
      builder (~> 3.0.0)
    activerecord (3.2.11)
      activemodel (= 3.2.11)
      activesupport (= 3.2.11)
      arel (~> 3.0.2)
      tzinfo (~> 0.3.29)
    activesupport (3.2.11)
      i18n (~> 0.6)
      multi_json (~> 1.0)
    arel (3.0.2)
    builder (3.0.4)
    friendly_id (4.0.9)
    i18n (0.6.1)
    multi_json (1.5.0)
    rake (10.0.3)
    sqlite3 (1.3.7)
    stringex (1.5.1)
    tzinfo (0.3.35)

PLATFORMS
  ruby

DEPENDENCIES
  activerecord (>= 3.0.0)
  rake
  sqlite3
  stringex_friendly_id!
